PATH
  remote: .
  specs:
    lex-pushover (0.1.3)
      pushover (>= 3.0.0)

GEM
  remote: https://rubygems.org/
  specs:
    ast (2.4.1)
    codecov (0.2.12)
      json
      simplecov
    diff-lcs (1.4.4)
    docile (1.3.2)
    excon (0.76.0)
    gli (2.19.2)
    json (2.3.1)
    oj (3.10.14)
    parallel (1.19.2)
    parser (2.7.2.0)
      ast (~> 2.4.1)
    pushover (3.0.3)
      excon
      gli
      oj
    rainbow (3.0.0)
    rake (13.0.1)
    regexp_parser (1.8.2)
    rexml (3.2.4)
    rspec (3.9.0)
      rspec-core (~> 3.9.0)
      rspec-expectations (~> 3.9.0)
      rspec-mocks (~> 3.9.0)
    rspec-core (3.9.3)
      rspec-support (~> 3.9.3)
    rspec-expectations (3.9.2)
      diff-lcs (>= 1.2.0, < 2.0)
      rspec-support (~> 3.9.0)
    rspec-mocks (3.9.1)
      diff-lcs (>= 1.2.0, < 2.0)
      rspec-support (~> 3.9.0)
    rspec-support (3.9.3)
    rspec_junit_formatter (0.4.1)
      rspec-core (>= 2, < 4, != 2.12.0)
    rubocop (0.93.1)
      parallel (~> 1.10)
      parser (>= 2.7.1.5)
      rainbow (>= 2.2.2, < 4.0)
      regexp_parser (>= 1.8)
      rexml
      rubocop-ast (>= 0.6.0)
      ruby-progressbar (~> 1.7)
      unicode-display_width (>= 1.4.0, < 2.0)
    rubocop-ast (0.8.0)
      parser (>= 2.7.1.5)
    rubocop-md (0.4.0)
      rubocop (~> 0.60)
    rubocop-performance (1.8.1)
      rubocop (>= 0.87.0)
      rubocop-ast (>= 0.4.0)
    rubocop-rspec (1.43.2)
      rubocop (~> 0.87)
    ruby-progressbar (1.10.1)
    simplecov (0.19.0)
      docile (~> 1.1)
      simplecov-html (~> 0.11)
    simplecov-html (0.12.3)
    unicode-display_width (1.7.0)

PLATFORMS
  ruby

DEPENDENCIES
  bundler
  codecov
  lex-pushover!
  rake
  rspec
  rspec_junit_formatter
  rubocop
  rubocop-md
  rubocop-performance
  rubocop-rspec

BUNDLED WITH
   2.1.4
